GEM
  remote: https://rubygems.org/
  specs:
    base64 (0.2.0)
    byebug (11.1.3)
    coderay (1.1.3)
    fiber-storage (1.0.0)
    graphql (2.4.9)
      base64
      fiber-storage
      logger
    logger (1.6.5)
    method_source (1.1.0)
    pry (0.14.2)
      coderay (~> 1.1)
      method_source (~> 1.0)
    pry-byebug (3.10.1)
      byebug (~> 11.0)
      pry (>= 0.13, < 0.15)

PLATFORMS
  arm64-darwin-23
  ruby

DEPENDENCIES
  graphql
  pry
  pry-byebug

BUNDLED WITH
   2.5.23
